GEM
  remote: https://rubygems.org/
  specs:
    polyglot (0.3.5)
    posix-spawn (0.3.11)
    pygments.rb (0.6.3)
      posix-spawn (~> 0.3.6)
      yajl-ruby (~> 1.2.0)
    redcarpet (3.2.2)
    treetop (1.6.2)
      polyglot (~> 0.3)
    yajl-ruby (1.2.1)

PLATFORMS
  ruby

DEPENDENCIES
  polyglot
  pygments.rb
  redcarpet
  treetop
